GEM
  remote: http://rubygems.org/
  specs:
    curb (0.8.0)
    datalogger (0.0.5)
    foreman (0.39.0)
      term-ansicolor (~> 1.0.7)
      thor (>= 0.13.6)
    redis (2.2.2)
    term-ansicolor (1.0.7)
    thor (0.14.6)

PLATFORMS
  ruby

DEPENDENCIES
  curb
  datalogger
  foreman
  redis
